PATH
  remote: .
  specs:
    mktorrent (1.5.0)
      bencode (~> 0.8)
      rake (~> 10.1)

GEM
  remote: https://rubygems.org/
  specs:
    bencode (0.8.2)
    minitest (5.4.2)
    rake (10.4.2)
    rubygems-tasks (0.2.4)

PLATFORMS
  ruby

DEPENDENCIES
  minitest (~> 5.0)
  mktorrent!
  rubygems-tasks (= 0.2.4)

BUNDLED WITH
   1.10.2
