PATH
  remote: .
  specs:
    mktorrent (1.1.0)
      bencode (~> 0.8)
      rake (~> 10.1)

GEM
  remote: https://rubygems.org/
  specs:
    bencode (0.8.2)
    minitest (5.4.2)
    rake (10.3.2)

PLATFORMS
  ruby

DEPENDENCIES
  minitest (~> 5.0)
  mktorrent!
