GEM
  remote: https://rubygems.org/
  specs:
    bencode (0.7.0)
    rake (10.0.3)

PLATFORMS
  ruby

DEPENDENCIES
  bencode (= 0.7.0)
  rake
